GEM
  remote: http://rubygems.org/
  specs:
    activemodel (3.0.9)
      activesupport (= 3.0.9)
      builder (~> 2.1.2)
      i18n (~> 0.5.0)
    activerecord (3.0.9)
      activemodel (= 3.0.9)
      activesupport (= 3.0.9)
      arel (~> 2.0.10)
      tzinfo (~> 0.3.23)
    activesupport (3.0.9)
    arel (2.0.10)
    builder (2.1.2)
    git (1.2.5)
    i18n (0.5.0)
    jeweler (1.6.4)
      bundler (~> 1.0)
      git (>= 1.2.5)
      rake
    rake (0.9.2)
    rcov (0.9.9)
    rcov (0.9.9-java)
    rdoc (3.9.1)
    shoulda (2.11.3)
    tzinfo (0.3.29)

PLATFORMS
  java
  ruby

DEPENDENCIES
  activerecord
  bundler (~> 1.0)
  jeweler (~> 1.6.4)
  rake
  rcov
  rdoc
  shoulda
